GEM
  remote: http://rubygems.org/
  specs:
    activesupport (3.2.13)
      i18n (= 0.6.1)
      multi_json (~> 1.0)
    builder (3.2.0)
    claide (0.3.2)
    cocoapods (0.22.2)
      activesupport (~> 3.2.13)
      claide (~> 0.3.2)
      cocoapods-core (= 0.22.2)
      cocoapods-downloader (~> 0.1.1)
      colored (~> 1.2)
      escape (~> 0.0.4)
      json (~> 1.8.0)
      open4 (~> 1.3.0)
      xcodeproj (~> 0.8.1)
    cocoapods-core (0.22.2)
      activesupport (~> 3.2.13)
      json (~> 1.8.0)
      nap (~> 0.5.1)
    cocoapods-downloader (0.1.1)
    colored (1.2)
    escape (0.0.4)
    i18n (0.6.1)
    json (1.8.0)
    mime-types (1.23)
    multi_json (1.7.7)
    nap (0.5.1)
    nokogiri (1.5.9)
    open4 (1.3.0)
    plist (3.1.0)
    rake (10.0.4)
    rest-client (1.6.7)
      mime-types (>= 1.16)
    xcodeproj (0.8.1)
      activesupport (~> 3.2.13)
      colored (~> 1.2)
    xcoder (0.1.15)
      builder
      json
      nokogiri
      plist
      rest-client

PLATFORMS
  ruby

DEPENDENCIES
  cocoapods
  rake
  xcoder
