GEM
  remote: http://rubygems.org/
  specs:
    builder (3.0.4)
    json (1.7.5)
    mime-types (1.19)
    nokogiri (1.5.5)
    plist (3.1.0)
    rest-client (1.6.7)
      mime-types (>= 1.16)
    xcoder (0.1.13)
      builder
      json
      nokogiri
      plist
      rest-client

PLATFORMS
  ruby

DEPENDENCIES
  xcoder
