GEM
  remote: http://rubygems.org/
  specs:
    activesupport (3.2.14)
      i18n (~> 0.6, >= 0.6.4)
      multi_json (~> 1.0)
    aws-sdk (1.18.0)
      json (~> 1.4)
      nokogiri (< 1.6.0)
      uuidtools (~> 2.1)
    builder (3.2.2)
    claide (0.3.2)
    cocoapods (0.26.2)
      activesupport (~> 3.2)
      claide (~> 0.3.2)
      cocoapods-core (= 0.26.2)
      cocoapods-downloader (~> 0.2.0)
      colored (~> 1.2)
      escape (~> 0.0.4)
      json (~> 1.8)
      open4 (~> 1.3)
      xcodeproj (~> 0.13.0)
    cocoapods-core (0.26.2)
      activesupport (~> 3.0)
      json (~> 1.8)
      nap (~> 0.5)
    cocoapods-downloader (0.2.0)
    colored (1.2)
    colorize (0.5.8)
    escape (0.0.4)
    i18n (0.6.5)
    json (1.8.0)
    mime-types (1.25)
    multi_json (1.8.1)
    nap (0.5.1)
    nokogiri (1.5.10)
    open4 (1.3.0)
    plist (3.1.0)
    rake (10.0.4)
    rest-client (1.6.7)
      mime-types (>= 1.16)
    uuidtools (2.1.4)
    xcodeproj (0.13.0)
      activesupport (~> 3.0)
      colored (~> 1.2)
    xcoder (0.1.18)
      aws-sdk
      builder
      colorize
      multi_json
      nokogiri
      plist
      rest-client

PLATFORMS
  ruby

DEPENDENCIES
  aws-sdk (= 1.18.0)
  cocoapods
  rake
  xcoder
